PATH
  remote: .
  specs:
    spec_tracker (0.1.0)
      gemoji (~> 3.0)
      nokogiri (~> 1.10)
      terminal-table (~> 1.8)

GEM
  remote: https://rubygems.org/
  specs:
    ansi (1.5.0)
    builder (3.2.3)
    byebug (9.1.0)
    gemoji (3.0.0)
    mini_portile2 (2.4.0)
    minitest (5.11.3)
    minitest-reporters (1.3.5)
      ansi
      builder
      minitest (>= 5.0)
      ruby-progressbar
    nokogiri (1.10.1)
      mini_portile2 (~> 2.4.0)
    rake (10.5.0)
    ruby-progressbar (1.10.0)
    terminal-table (1.8.0)
      unicode-display_width (~> 1.1, >= 1.1.1)
    unicode-display_width (1.4.1)

PLATFORMS
  ruby

DEPENDENCIES
  bundler (~> 1.17)
  byebug (~> 9.0)
  minitest (~> 5.0)
  minitest-reporters (~> 1.3)
  rake (~> 10.0)
  spec_tracker!

BUNDLED WITH
   1.17.0
