PATH
  remote: .
  specs:
    spec_tracker (1.1.0)
      gemoji (~> 3.0)
      nokogiri (~> 1.10)
      terminal-table (~> 1.8)
      thor (~> 0.20)

GEM
  remote: https://rubygems.org/
  specs:
    activesupport (5.2.2)
      concurrent-ruby (~> 1.0, >= 1.0.2)
      i18n (>= 0.7, < 2)
      minitest (~> 5.1)
      tzinfo (~> 1.1)
    ansi (1.5.0)
    builder (3.2.3)
    byebug (9.1.0)
    concurrent-ruby (1.1.4)
    gemoji (3.0.0)
    i18n (1.5.3)
      concurrent-ruby (~> 1.0)
    mini_portile2 (2.4.0)
    minitest (5.11.3)
    minitest-reporters (1.3.5)
      ansi
      builder
      minitest (>= 5.0)
      ruby-progressbar
    nokogiri (1.10.1)
      mini_portile2 (~> 2.4.0)
    rake (10.5.0)
    ruby-progressbar (1.10.0)
    terminal-table (1.8.0)
      unicode-display_width (~> 1.1, >= 1.1.1)
    thor (0.20.3)
    thread_safe (0.3.6)
    tzinfo (1.2.5)
      thread_safe (~> 0.1)
    unicode-display_width (1.4.1)

PLATFORMS
  ruby

DEPENDENCIES
  activesupport (>= 3.0, < 6.0)
  bundler (~> 1.17)
  byebug (~> 9.0)
  minitest (~> 5.0)
  minitest-reporters (~> 1.3)
  rake (~> 10.0)
  spec_tracker!

BUNDLED WITH
   1.17.1
